GEM
  remote: https://rubygems.org/
  specs:
    ffi (1.11.3)
    rubyserial (0.6.0)
      ffi (~> 1.9, >= 1.9.3)
    thor (0.20.3)

PLATFORMS
  ruby

DEPENDENCIES
  rubyserial
  thor

BUNDLED WITH
   2.0.2
