GEM
  remote: https://rubygems.org/
  specs:
    ffi (1.11.3)
    null-logger (0.1.5)
    serialport (1.3.1)
    thor (0.20.3)

PLATFORMS
  ruby

DEPENDENCIES
  ffi
  null-logger
  serialport
  thor

BUNDLED WITH
   2.0.2
